GEM
  remote: http://rubygems.org/
  specs:
    activesupport (3.2.12)
      i18n (~> 0.6)
      multi_json (~> 1.0)
    awesome_print (1.1.0)
    bourne (1.1.2)
      mocha (= 0.10.5)
    domain_name (0.5.7)
      unf (~> 0.0.3)
    erubis (2.7.0)
    i18n (0.6.1)
    json (1.7.7)
    kgio (2.8.0)
    mechanize (2.5.1)
      domain_name (~> 0.5, >= 0.5.1)
      mime-types (~> 1.17, >= 1.17.2)
      net-http-digest_auth (~> 1.1, >= 1.1.1)
      net-http-persistent (~> 2.5, >= 2.5.2)
      nokogiri (~> 1.4)
      ntlm-http (~> 0.1, >= 0.1.1)
      webrobots (~> 0.0, >= 0.0.9)
    metaclass (0.0.1)
    mime-types (1.21)
    mocha (0.10.5)
      metaclass (~> 0.0.1)
    multi_json (1.6.1)
    net-http-digest_auth (1.2.1)
    net-http-persistent (2.8)
    nokogiri (1.5.6)
    ntlm-http (0.1.1)
    rack (1.5.2)
    rack-protection (1.3.2)
      rack
    rack-test (0.6.2)
      rack (>= 1.0)
    rack_csrf (2.4.0)
      rack (>= 0.9)
    raindrops (0.10.0)
    rubyzip (0.9.9)
    shoulda (3.3.2)
      shoulda-context (~> 1.0.1)
      shoulda-matchers (~> 1.4.1)
    shoulda-context (1.0.2)
    shoulda-matchers (1.4.2)
      activesupport (>= 3.0.0)
      bourne (~> 1.1.2)
    sinatra (1.3.4)
      rack (~> 1.4)
      rack-protection (~> 1.3)
      tilt (~> 1.3, >= 1.3.3)
    sinatra-flash (0.3.0)
      sinatra (>= 1.0.0)
    tilt (1.3.3)
    unf (0.0.5)
      unf_ext
    unf_ext (0.0.6)
    unicorn (4.6.0)
      kgio (~> 2.6)
      rack
      raindrops (~> 0.7)
    webrobots (0.1.0)

PLATFORMS
  ruby

DEPENDENCIES
  awesome_print
  erubis
  json
  mechanize
  rack-test
  rack_csrf
  rubyzip
  shoulda
  sinatra
  sinatra-flash
  unicorn
